PATH
  remote: gems/test-gem
  specs:
    test-gem (0.1)

GEM
  remote: http://rubygems.org/
  specs:
    rake (10.3.2)

PLATFORMS
  ruby

DEPENDENCIES
  rake
  test-gem!
